STORAGE: NONE
RESTRICTION: || (== net6.0) (== netstandard2.0) (== netstandard2.1)
NUGET
  remote: https://api.nuget.org/v3/index.json
    ExpressionTreeToString (3.4.71)
      Microsoft.CSharp (>= 4.7)
      ZSpitz.Util (>= 0.1.113)
    FSharp.Core (6.0.6)
    Microsoft.CSharp (4.7)
    Mono.Linq.Expressions (2.0)
    Mono.Reflection (2.0)
    OneOf (3.0.223)
    System.Buffers (4.5.1) - restriction: || (&& (== net6.0) (>= net461)) (== netstandard2.0) (== netstandard2.1)
    System.Collections.Immutable (6.0)
      System.Memory (>= 4.5.4) - restriction: || (&& (== net6.0) (>= net461)) (== netstandard2.0) (== netstandard2.1)
      System.Runtime.CompilerServices.Unsafe (>= 6.0)
    System.Memory (4.5.5) - restriction: || (&& (== net6.0) (>= net461)) (== netstandard2.0) (== netstandard2.1)
      System.Buffers (>= 4.5.1) - restriction: || (&& (== net6.0) (>= monotouch)) (&& (== net6.0) (>= net461)) (&& (== net6.0) (< netcoreapp2.0)) (&& (== net6.0) (< netstandard1.1)) (&& (== net6.0) (< netstandard2.0)) (&& (== net6.0) (>= xamarinios)) (&& (== net6.0) (>= xamarinmac)) (&& (== net6.0) (>= xamarintvos)) (&& (== net6.0) (>= xamarinwatchos)) (== netstandard2.0) (== netstandard2.1)
      System.Numerics.Vectors (>= 4.4) - restriction: || (&& (== net6.0) (< netcoreapp2.0)) (== netstandard2.0) (== netstandard2.1)
      System.Runtime.CompilerServices.Unsafe (>= 4.5.3) - restriction: || (&& (== net6.0) (>= monotouch)) (&& (== net6.0) (>= net461)) (&& (== net6.0) (< netcoreapp2.0)) (&& (== net6.0) (< netcoreapp2.1)) (&& (== net6.0) (< netstandard1.1)) (&& (== net6.0) (< netstandard2.0)) (&& (== net6.0) (>= uap10.1)) (&& (== net6.0) (>= xamarinios)) (&& (== net6.0) (>= xamarinmac)) (&& (== net6.0) (>= xamarintvos)) (&& (== net6.0) (>= xamarinwatchos)) (== netstandard2.0) (== netstandard2.1)
    System.Numerics.Vectors (4.5) - restriction: || (&& (== net6.0) (>= net461)) (== netstandard2.0) (== netstandard2.1)
    System.Reflection.Emit (4.7)
      System.Reflection.Emit.ILGeneration (>= 4.7) - restriction: || (&& (== net6.0) (< netcoreapp2.0) (< netstandard2.1)) (&& (== net6.0) (< netstandard1.1)) (&& (== net6.0) (< netstandard2.0)) (&& (== net6.0) (>= uap10.1)) (== netstandard2.0) (&& (== netstandard2.1) (< netstandard1.1)) (&& (== netstandard2.1) (< netstandard2.0)) (&& (== netstandard2.1) (>= uap10.1))
    System.Reflection.Emit.ILGeneration (4.7) - restriction: || (&& (== net6.0) (< netcoreapp2.0) (< netstandard2.1)) (&& (== net6.0) (< netstandard1.1)) (&& (== net6.0) (< netstandard2.0)) (&& (== net6.0) (>= uap10.1)) (== netstandard2.0) (&& (== netstandard2.1) (< netstandard1.1)) (&& (== netstandard2.1) (< netstandard2.0)) (&& (== netstandard2.1) (>= uap10.1))
    System.Runtime.CompilerServices.Unsafe (6.0)
    System.ValueTuple (4.5)
    ZSpitz.Util (0.1.125)
      OneOf (>= 3.0.216)
      System.Collections.Immutable (>= 6.0)
      System.ValueTuple (>= 4.5)
